GEM
  remote: http://rubygems.org/
  specs:
    coderay (1.0.9)
    diff-lcs (1.1.3)
    facter (1.7.1)
    ffi (1.4.0)
    guard (1.6.2)
      listen (>= 0.6.0)
      lumberjack (>= 1.0.2)
      pry (>= 0.9.10)
      terminal-table (>= 1.4.3)
      thor (>= 0.14.6)
    guard-rspec (1.2.1)
      guard (>= 1.1)
    hiera (1.2.1)
      json_pure
    json_pure (1.8.0)
    listen (0.7.3)
    lumberjack (1.0.3)
    metaclass (0.0.1)
    method_source (0.8.1)
    mocha (0.10.5)
      metaclass (~> 0.0.1)
    net-ssh (2.6.7)
    pry (0.9.12)
      coderay (~> 1.0.5)
      method_source (~> 0.8)
      slop (~> 3.4)
    puppet (3.1.1)
      facter (~> 1.6)
      hiera (~> 1.0)
    puppet-lint (0.3.2)
    puppetlabs_spec_helper (0.4.1)
      mocha (>= 0.10.5)
      rake
      rspec (>= 2.9.0)
      rspec-puppet (>= 0.1.1)
    rake (10.0.4)
    rb-inotify (0.9.0)
      ffi (>= 0.5.0)
    rb-readline (0.4.2)
    rspec (2.9.0)
      rspec-core (~> 2.9.0)
      rspec-expectations (~> 2.9.0)
      rspec-mocks (~> 2.9.0)
    rspec-core (2.9.0)
    rspec-expectations (2.9.1)
      diff-lcs (~> 1.1.3)
    rspec-mocks (2.9.0)
    rspec-puppet (0.1.6)
      rspec
    slop (3.4.4)
    terminal-table (1.4.5)
    thor (0.17.0)

PLATFORMS
  ruby

DEPENDENCIES
  guard (~> 1.6.1)
  guard-rspec
  mocha (~> 0.10.5)
  net-ssh
  puppet (~> 3.1.0)
  puppet-lint
  puppetlabs_spec_helper
  rake
  rb-inotify (~> 0.9)
  rb-readline
  rspec (~> 2.9.0)
  rspec-puppet
